GEM
  remote: https://rubygems.org/
  specs:
    haml (4.0.3)
      tilt
    kgio (2.9.2)
    mini_portile (0.5.3)
    nokogiri (1.6.1)
      mini_portile (~> 0.5.0)
    rack (1.5.2)
    rack-protection (1.5.2)
      rack
    raindrops (0.13.0)
    rake (10.1.0)
    sinatra (1.4.4)
      rack (~> 1.4)
      rack-protection (~> 1.4)
      tilt (~> 1.3, >= 1.3.4)
    sqlite3 (1.3.9)
    tilt (1.4.1)
    unicorn (4.8.2)
      kgio (~> 2.6)
      rack
      raindrops (~> 0.7)

PLATFORMS
  ruby

DEPENDENCIES
  haml (= 4.0.3)
  nokogiri
  rake (= 10.1.0)
  sinatra (= 1.4.4)
  sqlite3
  unicorn (= 4.8.2)
